GIT
  remote: git://github.com/CalculatedContent/qless.git
  revision: 1254ad784ec2b6f6e235c9b219cb8c9fd23bf23b
  specs:
    qless (0.9.2)
      redis (>= 3.0.0)
      sinatra (>= 1.3.2)
      thin
      vegas (>= 0.1.11)

GIT
  remote: git://github.com/CalculatedContent/sourcify.git
  revision: 5767bd2a0c09315e623f1e96d3d3274657e4fcc1
  specs:
    sourcify (0.6.0.rc3)
      file-tail (~> 1.0.10)
      ruby2ruby (~> 1.3.1)
      ruby_parser (~> 2.3.1)
      sexp_processor (~> 3.2.0)

GEM
  remote: http://rubygems.org/
  specs:
    activesupport (3.2.12)
      i18n (~> 0.6)
      multi_json (~> 1.0)
    chronic (0.9.1)
    daemons (1.1.9)
    eventmachine (1.0.3)
    file-tail (1.0.12)
      tins (~> 0.5)
    i18n (0.6.4)
    multi_json (1.7.2)
    rack (1.5.2)
    rack-protection (1.5.0)
      rack
    redis (3.0.4)
    ruby2ruby (1.3.1)
      ruby_parser (~> 2.0)
      sexp_processor (~> 3.0)
    ruby_parser (2.3.1)
      sexp_processor (~> 3.0)
    sexp_processor (3.2.0)
    sinatra (1.4.2)
      rack (~> 1.5, >= 1.5.2)
      rack-protection (~> 1.4)
      tilt (~> 1.3, >= 1.3.4)
    thin (1.5.1)
      daemons (>= 1.0.9)
      eventmachine (>= 0.12.6)
      rack (>= 1.0.0)
    tilt (1.3.7)
    tins (0.7.2)
    vegas (0.1.11)
      rack (>= 1.0.0)
    whenever (0.8.2)
      activesupport (>= 2.3.4)
      chronic (>= 0.6.3)

PLATFORMS
  ruby

DEPENDENCIES
  i18n
  multi_json
  qless!
  sinatra
  sourcify!
  whenever
